PATH
  remote: .
  specs:
    ruboty-bento (0.1.0)

GEM
  remote: https://rubygems.org/
  specs:
    activesupport (5.1.2)
      concurrent-ruby (~> 1.0, >= 1.0.2)
      i18n (~> 0.7)
      minitest (~> 5.1)
      tzinfo (~> 1.1)
    concurrent-ruby (1.0.5)
    dotenv (2.2.1)
    i18n (0.8.4)
    mem (0.1.5)
    minitest (5.10.2)
    rake (10.4.2)
    ruboty (1.3.0)
      activesupport
      bundler
      dotenv
      mem
      slop
    slop (4.5.0)
    thread_safe (0.3.6)
    tzinfo (1.2.3)
      thread_safe (~> 0.1)

PLATFORMS
  ruby

DEPENDENCIES
  bundler (~> 1.15)
  rake (~> 10.0)
  ruboty
  ruboty-bento!

BUNDLED WITH
   1.15.1
